GEM
  remote: https://rubygems.org/
  specs:
    bson (5.0.2)
    coderay (1.1.3)
    diff-lcs (1.5.1)
    method_source (1.1.0)
    mongo (2.21.0)
      bson (>= 4.14.1, < 6.0.0)
    pry (0.14.2)
      coderay (~> 1.1)
      method_source (~> 1.0)
    rspec (3.13.0)
      rspec-core (~> 3.13.0)
      rspec-expectations (~> 3.13.0)
      rspec-mocks (~> 3.13.0)
    rspec-core (3.13.2)
      rspec-support (~> 3.13.0)
    rspec-expectations (3.13.3)
      diff-lcs (>= 1.2.0, < 2.0)
      rspec-support (~> 3.13.0)
    rspec-mocks (3.13.2)
      diff-lcs (>= 1.2.0, < 2.0)
      rspec-support (~> 3.13.0)
    rspec-support (3.13.2)

PLATFORMS
  ruby
  x86_64-darwin-22

DEPENDENCIES
  mongo (~> 2.2, >= 2.2.5)
  pry (~> 0.14.1)
  rspec (~> 3.4)
  tzinfo-data

RUBY VERSION
   ruby 3.3.0p0

BUNDLED WITH
   2.6.0
